GEM
  remote: https://rubygems.org/
  specs:
    daemons (1.3.1)

PLATFORMS
  ruby

DEPENDENCIES
  daemons (~> 1.3)

BUNDLED WITH
   1.17.3
